PATH
  remote: .
  specs:
    nanoc-graphviz (0.0.1)

GEM
  remote: https://rubygems.org/
  specs:
    minitest (5.3.4)
    rake (10.3.2)
    redcarpet (3.1.2)
    yard (0.8.7.4)

PLATFORMS
  ruby

DEPENDENCIES
  bundler (~> 1.6)
  minitest
  nanoc-graphviz!
  rake
  redcarpet
  yard
